GEM
  remote: https://rubygems.org/
  specs:
    git (1.3.0)
    rake (11.3.0)

PLATFORMS
  ruby

DEPENDENCIES
  git
  rake

BUNDLED WITH
   1.10.6
